GEM
  specs:
    webrick (1.8.1)

PLATFORMS
  x64-mingw-ucrt

DEPENDENCIES
  webrick

BUNDLED WITH
   2.5.10
